GEM
  remote: https://rubygems.org/
  specs:
    aws-sdk (2.6.44)
      aws-sdk-resources (= 2.6.44)
    aws-sdk-core (2.6.44)
      aws-sigv4 (~> 1.0)
      jmespath (~> 1.0)
    aws-sdk-resources (2.6.44)
      aws-sdk-core (= 2.6.44)
    aws-sigv4 (1.0.0)
    jmespath (1.3.1)
    terminal-table (1.5.2)

PLATFORMS
  ruby

DEPENDENCIES
  aws-sdk (~> 2)
  terminal-table

BUNDLED WITH
   1.13.7
